PATH
  remote: .
  specs:
    simplessh-rb (1.1.4)
      ffi

GEM
  remote: http://rubygems.org/
  specs:
    ffi (1.13.1)

PLATFORMS
  ruby

DEPENDENCIES
  simplessh-rb!
